PATH
  remote: .
  specs:
    colors (0.0.1)
      coffee-script
      haml
      json
      sass
      sinatra
      sinatra-reloader

GEM
  remote: http://rubygems.org/
  specs:
    backports (2.3.0)
    childprocess (0.2.0)
      ffi (~> 1.0.6)
    coffee-script (2.2.0)
      coffee-script-source
      execjs
    coffee-script-source (1.1.2)
    diff-lcs (1.1.2)
    execjs (1.2.4)
      multi_json (~> 1.0)
    ffi (1.0.9)
    haml (3.1.2)
    jasmine (1.0.2.1)
      json_pure (>= 1.4.3)
      rack (>= 1.1)
      rspec (>= 1.3.1)
      selenium-webdriver (>= 0.1.3)
    json (1.5.3)
    json_pure (1.5.3)
    monkey-lib (0.5.4)
      backports
    multi_json (1.0.3)
    rack (1.3.2)
    rack-test (0.6.1)
      rack (>= 1.0)
    rspec (2.6.0)
      rspec-core (~> 2.6.0)
      rspec-expectations (~> 2.6.0)
      rspec-mocks (~> 2.6.0)
    rspec-core (2.6.4)
    rspec-expectations (2.6.0)
      diff-lcs (~> 1.1.2)
    rspec-mocks (2.6.0)
    rubyzip (0.9.4)
    sass (3.1.7)
    selenium-webdriver (2.3.2)
      childprocess (>= 0.1.9)
      ffi (>= 1.0.7)
      json_pure
      rubyzip
    sinatra (1.2.6)
      rack (~> 1.1)
      tilt (< 2.0, >= 1.2.2)
    sinatra-advanced-routes (0.5.1)
      monkey-lib (~> 0.5.0)
      sinatra (~> 1.0)
      sinatra-sugar (~> 0.5.0)
    sinatra-reloader (0.5.0)
      sinatra (~> 1.0)
      sinatra-advanced-routes (~> 0.5.0)
    sinatra-sugar (0.5.1)
      monkey-lib (~> 0.5.0)
      sinatra (~> 1.0)
    tilt (1.3.2)

PLATFORMS
  ruby

DEPENDENCIES
  colors!
  jasmine
  rack-test
  rspec
